PATH
  remote: .
  specs:
    access_control (0.0.1)
      rails (= 2.3.5)

GEM
  remote: http://rubygems.org/
  specs:
    accept_values_for (0.3.1)
      activerecord
      rspec
    actionmailer (2.3.5)
      actionpack (= 2.3.5)
    actionpack (2.3.5)
      activesupport (= 2.3.5)
      rack (~> 1.0.0)
    activerecord (2.3.5)
      activesupport (= 2.3.5)
    activeresource (2.3.5)
      activesupport (= 2.3.5)
    activesupport (2.3.5)
    coderay (0.9.8)
    columnize (0.3.2)
    ffi (1.0.11)
    guard (0.8.8)
      thor (~> 0.14.6)
    guard-rspec (0.5.9)
      guard (>= 0.8.4)
    libnotify (0.6.0)
    linecache (0.43)
    method_source (0.6.7)
      ruby_parser (>= 2.3.1)
    mysql (2.8.1)
    pry (0.9.7.4)
      coderay (~> 0.9.8)
      method_source (~> 0.6.7)
      ruby_parser (>= 2.3.1)
      slop (~> 2.1.0)
    rack (1.0.1)
    rails (2.3.5)
      actionmailer (= 2.3.5)
      actionpack (= 2.3.5)
      activerecord (= 2.3.5)
      activeresource (= 2.3.5)
      activesupport (= 2.3.5)
      rake (>= 0.8.3)
    rake (0.9.2)
    rb-inotify (0.8.8)
      ffi (>= 0.5.0)
    rspec (1.3.2)
    rspec-rails (1.3.4)
      rack (>= 1.0.0)
      rspec (~> 1.3.1)
    ruby-debug (0.10.4)
      columnize (>= 0.1)
      ruby-debug-base (~> 0.10.4.0)
    ruby-debug-base (0.10.4)
      linecache (>= 0.3)
    ruby_parser (2.3.1)
      sexp_processor (~> 3.0)
    sexp_processor (3.0.8)
    slop (2.1.0)
    thor (0.14.6)

PLATFORMS
  ruby

DEPENDENCIES
  accept_values_for
  access_control!
  guard
  guard-rspec
  libnotify
  mysql
  pry
  rb-inotify
  rspec-rails (>= 1.3)
  ruby-debug
