PATH
  remote: .
  specs:
    access_control (0.17.2)
      backports
      rails (~> 2.3.5)
      sequel

GEM
  remote: http://rubygems.org/
  specs:
    accept_values_for (0.3.1)
      activerecord
      rspec
    actionmailer (2.3.18)
      actionpack (= 2.3.18)
    actionpack (2.3.18)
      activesupport (= 2.3.18)
      rack (~> 1.1.0)
    activerecord (2.3.18)
      activesupport (= 2.3.18)
    activerecord-jdbc-adapter (1.2.7)
    activerecord-jdbcmysql-adapter (1.2.7)
      activerecord-jdbc-adapter (~> 1.2.7)
      jdbc-mysql (~> 5.1.0)
    activeresource (2.3.18)
      activesupport (= 2.3.18)
    activesupport (2.3.18)
    backports (3.6.0)
    binding_of_caller (0.7.1)
      debug_inspector (>= 0.0.1)
    byebug (2.7.0)
      columnize (~> 0.3)
      debugger-linecache (~> 1.2)
    coderay (1.0.9)
    columnize (0.8.9)
    debug_inspector (0.0.2)
    debugger-linecache (1.2.0)
    ffi (1.0.11)
    ffi (1.0.11-java)
    guard (0.10.0)
      ffi (>= 0.5.0)
      thor (~> 0.14.6)
    guard-rspec (0.6.0)
      guard (>= 0.10.0)
    hoe (2.12.4)
      rake (~> 0.8)
    iconv (1.0.4)
    jdbc-mysql (5.1.22.1)
    libnotify (0.7.0)
    method_source (0.8.1)
    mysql2 (0.2.18)
    pry (0.9.12.1)
      coderay (~> 1.0.5)
      method_source (~> 0.8)
      slop (~> 3.4)
    pry (0.9.12.1-java)
      coderay (~> 1.0.5)
      method_source (~> 0.8)
      slop (~> 3.4)
      spoon (~> 0.0)
    pry-byebug (1.3.2)
      byebug (~> 2.7)
      pry (~> 0.9.12)
    pry-doc (0.4.2)
      pry (>= 0.9.0)
      yard (~> 0.8.1)
    pry-stack_explorer (0.4.9)
      binding_of_caller (>= 0.7)
      pry (~> 0.9.11)
    rack (1.1.6)
    rails (2.3.18)
      actionmailer (= 2.3.18)
      actionpack (= 2.3.18)
      activerecord (= 2.3.18)
      activeresource (= 2.3.18)
      activesupport (= 2.3.18)
      rake (>= 0.8.3)
    rake (0.9.6)
    rb-inotify (0.8.8)
      ffi (>= 0.5.0)
    rspec (1.3.2)
    rspec-rails (1.3.4)
      rack (>= 1.0.0)
      rspec (~> 1.3.1)
    sequel (4.10.0)
    slop (3.4.4)
    spoon (0.0.4)
      ffi
    sqlite3 (1.3.5)
    test-unit (1.2.3)
      hoe (>= 1.5.1)
    thor (0.14.6)
    yard (0.8.1)

PLATFORMS
  java
  ruby

DEPENDENCIES
  accept_values_for
  access_control!
  activerecord-jdbcmysql-adapter
  guard
  guard-rspec
  iconv
  jdbc-mysql
  libnotify
  mysql2 (< 0.3.0)
  pry
  pry-byebug
  pry-doc
  pry-stack_explorer
  rb-inotify
  rspec-rails (>= 1.3)
  sqlite3
  test-unit (= 1.2.3)
