GIT
  remote: https://bitbucket.org/aptn/rspec
  revision: 4dee3af12c520970c065ea65b84a36ed3f3a9a53
  specs:
    rspec (1.3.2)

PATH
  remote: .
  specs:
    access_control (0.19.0)
      backports
      rails (~> 2.3.5)
      sequel

GEM
  remote: http://rubygems.org/
  specs:
    accept_values_for (0.3.1)
      activerecord
      rspec
    actionmailer (2.3.18)
      actionpack (= 2.3.18)
    actionpack (2.3.18)
      activesupport (= 2.3.18)
      rack (~> 1.1.0)
    activerecord (2.3.18)
      activesupport (= 2.3.18)
    activerecord-jdbc-adapter (1.2.7)
    activerecord-jdbcmysql-adapter (1.2.7)
      activerecord-jdbc-adapter (~> 1.2.7)
      jdbc-mysql (~> 5.1.0)
    activeresource (2.3.18)
      activesupport (= 2.3.18)
    activesupport (2.3.18)
    backports (3.6.1)
    binding_of_caller (0.7.2)
      debug_inspector (>= 0.0.1)
    byebug (4.0.5)
      columnize (= 0.9.0)
    coderay (1.1.0)
    columnize (0.9.0)
    debug_inspector (0.0.2)
    ffi (1.0.11)
    ffi (1.0.11-java)
    guard (0.10.0)
      ffi (>= 0.5.0)
      thor (~> 0.14.6)
    guard-rspec (0.6.0)
      guard (>= 0.10.0)
    hoe (2.12.4)
      rake (~> 0.8)
    iconv (1.0.4)
    jdbc-mysql (5.1.22.1)
    libnotify (0.7.0)
    method_source (0.8.2)
    mysql2 (0.2.24)
    pry (0.10.1)
      coderay (~> 1.1.0)
      method_source (~> 0.8.1)
      slop (~> 3.4)
    pry (0.10.1-java)
      coderay (~> 1.1.0)
      method_source (~> 0.8.1)
      slop (~> 3.4)
      spoon (~> 0.0)
    pry-byebug (3.1.0)
      byebug (~> 4.0)
      pry (~> 0.10)
    pry-doc (0.6.0)
      pry (~> 0.9)
      yard (~> 0.8)
    pry-stack_explorer (0.4.9.2)
      binding_of_caller (>= 0.7)
      pry (>= 0.9.11)
    rack (1.1.6)
    rails (2.3.18)
      actionmailer (= 2.3.18)
      actionpack (= 2.3.18)
      activerecord (= 2.3.18)
      activeresource (= 2.3.18)
      activesupport (= 2.3.18)
      rake (>= 0.8.3)
    rake (0.9.6)
    rb-inotify (0.8.8)
      ffi (>= 0.5.0)
    rspec-rails (1.3.4)
      rack (>= 1.0.0)
      rspec (~> 1.3.1)
    sequel (4.14.0)
    slop (3.6.0)
    spoon (0.0.4)
      ffi
    sqlite3 (1.3.10)
    test-unit (1.2.3)
      hoe (>= 1.5.1)
    thor (0.14.6)
    yard (0.8.7.6)

PLATFORMS
  java
  ruby

DEPENDENCIES
  accept_values_for
  access_control!
  activerecord-jdbcmysql-adapter
  bundler (~> 1.6)
  guard
  guard-rspec
  iconv
  jdbc-mysql
  libnotify
  mysql2 (< 0.3.0)
  pry
  pry-byebug
  pry-doc
  pry-stack_explorer
  rake
  rb-inotify
  rspec (~> 1.3.0)!
  rspec-rails (~> 1.3.0)
  sqlite3
  test-unit (= 1.2.3)
