PATH
  remote: .
  specs:
    access_control (0.14.6)
      backports
      rails (~> 2.3.5)
      sequel

GEM
  remote: http://rubygems.org/
  specs:
    accept_values_for (0.3.1)
      activerecord
      rspec
    actionmailer (2.3.14)
      actionpack (= 2.3.14)
    actionpack (2.3.14)
      activesupport (= 2.3.14)
      rack (~> 1.1.0)
    activerecord (2.3.14)
      activesupport (= 2.3.14)
    activeresource (2.3.14)
      activesupport (= 2.3.14)
    activesupport (2.3.14)
    archive-tar-minitar (0.5.2)
    backports (2.3.0)
    coderay (1.0.6)
    columnize (0.3.2)
    ffi (1.0.11)
    guard (0.10.0)
      ffi (>= 0.5.0)
      thor (~> 0.14.6)
    guard-rspec (0.6.0)
      guard (>= 0.10.0)
    hoe (2.12.4)
      rake (~> 0.8)
    libnotify (0.7.0)
    linecache (0.43)
    linecache19 (0.5.12)
      ruby_core_source (>= 0.1.4)
    method_source (0.7.1)
    mysql2 (0.2.18)
    pry (0.9.9.6)
      coderay (~> 1.0.5)
      method_source (~> 0.7.1)
      slop (>= 2.4.4, < 3)
    pry-doc (0.4.2)
      pry (>= 0.9.0)
      yard (~> 0.8.1)
    rack (1.1.3)
    rails (2.3.14)
      actionmailer (= 2.3.14)
      actionpack (= 2.3.14)
      activerecord (= 2.3.14)
      activeresource (= 2.3.14)
      activesupport (= 2.3.14)
      rake (>= 0.8.3)
    rake (0.9.2.2)
    rb-inotify (0.8.8)
      ffi (>= 0.5.0)
    rcov (0.9.11)
    rspec (1.3.2)
    rspec-rails (1.3.4)
      rack (>= 1.0.0)
      rspec (~> 1.3.1)
    ruby-debug (0.10.4)
      columnize (>= 0.1)
      ruby-debug-base (~> 0.10.4.0)
    ruby-debug-base (0.10.4)
      linecache (>= 0.3)
    ruby-debug-base19 (0.11.25)
      columnize (>= 0.3.1)
      linecache19 (>= 0.5.11)
      ruby_core_source (>= 0.1.4)
    ruby-debug19 (0.11.6)
      columnize (>= 0.3.1)
      linecache19 (>= 0.5.11)
      ruby-debug-base19 (>= 0.11.19)
    ruby18_source_location (0.2)
    ruby_core_source (0.1.5)
      archive-tar-minitar (>= 0.5.2)
    sequel (3.40.0)
    slop (2.4.4)
    sqlite3 (1.3.5)
    test-unit (1.2.3)
      hoe (>= 1.5.1)
    thor (0.14.6)
    yard (0.8.1)

PLATFORMS
  ruby

DEPENDENCIES
  accept_values_for
  access_control!
  guard
  guard-rspec
  libnotify
  mysql2 (< 0.3.0)
  pry
  pry-doc
  rb-inotify
  rcov
  rspec-rails (>= 1.3)
  ruby-debug
  ruby-debug19
  ruby18_source_location
  sqlite3
  test-unit (= 1.2.3)
