GIT
  remote: https://bitbucket.org/aptn/rspec
  revision: 4dee3af12c520970c065ea65b84a36ed3f3a9a53
  specs:
    rspec (1.3.2)

PATH
  remote: .
  specs:
    access_control (0.21.1)
      backports
      rails (~> 2.3.5)
      sequel

GEM
  remote: http://rubygems.org/
  specs:
    accept_values_for (0.3.1)
      activerecord
      rspec
    actionmailer (2.3.18)
      actionpack (= 2.3.18)
    actionpack (2.3.18)
      activesupport (= 2.3.18)
      rack (~> 1.1.0)
    activerecord (2.3.18)
      activesupport (= 2.3.18)
    activerecord-jdbc-adapter (1.3.16)
      activerecord (>= 2.2)
    activerecord-jdbcmysql-adapter (1.3.16)
      activerecord-jdbc-adapter (~> 1.3.16)
      jdbc-mysql (>= 5.1.22)
    activeresource (2.3.18)
      activesupport (= 2.3.18)
    activesupport (2.3.18)
    backports (3.6.4)
    byebug (8.2.1)
    celluloid (0.16.0)
      timers (~> 4.0.0)
    coderay (1.1.0)
    database_cleaner (0.7.1)
    ffi (1.9.8)
    ffi (1.9.8-java)
    formatador (0.2.5)
    guard (2.12.5)
      formatador (>= 0.2.4)
      listen (~> 2.7)
      lumberjack (~> 1.0)
      nenv (~> 0.1)
      notiffany (~> 0.0)
      pry (>= 0.9.12)
      shellany (~> 0.0)
      thor (>= 0.18.1)
    guard-rspec (1.2.1)
      guard (>= 1.1)
    hitimes (1.2.2)
    hitimes (1.2.2-java)
    hoe (3.13.1)
      rake (>= 0.8, < 11.0)
    iconv (1.0.4)
    jdbc-mysql (5.1.33)
    json (1.8.3)
    json (1.8.3-java)
    libnotify (0.9.1)
      ffi (>= 1.0.11)
    listen (2.10.0)
      celluloid (~> 0.16.0)
      rb-fsevent (>= 0.9.3)
      rb-inotify (>= 0.9)
    lumberjack (1.0.9)
    method_source (0.8.2)
    mysql2 (0.2.24)
    nenv (0.2.0)
    notiffany (0.0.6)
      nenv (~> 0.1)
      shellany (~> 0.0)
    pry (0.10.3)
      coderay (~> 1.1.0)
      method_source (~> 0.8.1)
      slop (~> 3.4)
    pry (0.10.3-java)
      coderay (~> 1.1.0)
      method_source (~> 0.8.1)
      slop (~> 3.4)
      spoon (~> 0.0)
    pry-byebug (3.3.0)
      byebug (~> 8.0)
      pry (~> 0.10)
    pry-doc (0.8.0)
      pry (~> 0.9)
      yard (~> 0.8)
    pry-theme (1.1.3)
      coderay (~> 1.1)
      json (~> 1.8)
    rack (1.1.6)
    rails (2.3.18)
      actionmailer (= 2.3.18)
      actionpack (= 2.3.18)
      activerecord (= 2.3.18)
      activeresource (= 2.3.18)
      activesupport (= 2.3.18)
      rake (>= 0.8.3)
    rake (10.4.2)
    rb-fsevent (0.9.4)
    rb-inotify (0.9.5)
      ffi (>= 0.5.0)
    rspec-rails (1.3.4)
      rack (>= 1.0.0)
      rspec (~> 1.3.1)
    sequel (4.21.0)
    shellany (0.0.1)
    slop (3.6.0)
    spoon (0.0.4)
      ffi
    sqlite3 (1.3.10)
    test-unit (1.2.3)
      hoe (>= 1.5.1)
    thor (0.19.1)
    timers (4.0.1)
      hitimes
    yard (0.8.7.6)

PLATFORMS
  java
  ruby

DEPENDENCIES
  accept_values_for
  access_control!
  activerecord-jdbcmysql-adapter
  bundler (~> 1.6)
  database_cleaner
  guard
  guard-rspec
  iconv
  jdbc-mysql
  libnotify
  mysql2 (< 0.3.0)
  pry
  pry-byebug
  pry-doc
  pry-theme
  rake
  rb-inotify
  rspec (~> 1.3.0)!
  rspec-rails (~> 1.3.0)
  sqlite3
  test-unit (= 1.2.3)

BUNDLED WITH
   1.11.2
