PATH
  remote: ../../
  specs:
    access_control (0.15.0)
      backports
      rails (~> 2.3.5)
      sequel

GEM
  remote: http://rubygems.org/
  specs:
    actionmailer (2.3.14)
      actionpack (= 2.3.14)
    actionpack (2.3.14)
      activesupport (= 2.3.14)
      rack (~> 1.1.0)
    activerecord (2.3.14)
      activesupport (= 2.3.14)
    activeresource (2.3.14)
      activesupport (= 2.3.14)
    activesupport (2.3.14)
    backports (2.6.4)
    coderay (0.9.8)
    method_source (0.6.7)
      ruby_parser (>= 2.3.1)
    mysql2 (0.2.18)
    pry (0.9.7.4)
      coderay (~> 0.9.8)
      method_source (~> 0.6.7)
      ruby_parser (>= 2.3.1)
      slop (~> 2.1.0)
    pry-doc (0.3.0)
      pry (>= 0.9.0)
      yard (>= 0.6.4)
    rack (1.1.3)
    rails (2.3.14)
      actionmailer (= 2.3.14)
      actionpack (= 2.3.14)
      activerecord (= 2.3.14)
      activeresource (= 2.3.14)
      activesupport (= 2.3.14)
      rake (>= 0.8.3)
    rake (0.9.2.2)
    ruby_parser (2.3.1)
      sexp_processor (~> 3.0)
    sequel (3.40.0)
    sexp_processor (3.0.10)
    slop (2.1.0)
    sqlite3 (1.3.5)
    yard (0.7.4)

PLATFORMS
  ruby

DEPENDENCIES
  access_control!
  mysql2 (< 0.3.0)
  pry
  pry-doc
  rails (~> 2.3.5)
  sqlite3
