PATH
  remote: ../../
  specs:
    access_control (0.17.0)
      backports
      rails (~> 2.3.5)
      sequel

GEM
  remote: https://rubygems.org/
  specs:
    actionmailer (2.3.18)
      actionpack (= 2.3.18)
    actionpack (2.3.18)
      activesupport (= 2.3.18)
      rack (~> 1.1.0)
    activerecord (2.3.18)
      activesupport (= 2.3.18)
    activerecord-jdbc-adapter (1.2.7)
    activerecord-jdbcmysql-adapter (1.2.7)
      activerecord-jdbc-adapter (~> 1.2.7)
      jdbc-mysql (~> 5.1.0)
    activeresource (2.3.18)
      activesupport (= 2.3.18)
    activesupport (2.3.18)
    backports (3.3.1)
    coderay (0.9.8)
    jdbc-mysql (5.1.22.1)
    method_source (0.6.7)
      ruby_parser (>= 2.3.1)
    mysql2 (0.2.18)
    pry (0.9.7.4)
      coderay (~> 0.9.8)
      method_source (~> 0.6.7)
      ruby_parser (>= 2.3.1)
      slop (~> 2.1.0)
    pry (0.9.7.4-java)
      coderay (~> 0.9.8)
      method_source (~> 0.6.7)
      ruby_parser (>= 2.3.1)
      slop (~> 2.1.0)
      spoon (~> 0.0.1)
    pry-doc (0.3.0)
      pry (>= 0.9.0)
      yard (>= 0.6.4)
    rack (1.1.6)
    rails (2.3.18)
      actionmailer (= 2.3.18)
      actionpack (= 2.3.18)
      activerecord (= 2.3.18)
      activeresource (= 2.3.18)
      activesupport (= 2.3.18)
      rake (>= 0.8.3)
    rake (10.0.4)
    ruby_parser (2.3.1)
      sexp_processor (~> 3.0)
    sequel (3.48.0)
    sexp_processor (3.0.10)
    slop (2.1.0)
    spoon (0.0.1)
    sqlite3 (1.3.5)
    yard (0.7.4)

PLATFORMS
  java
  ruby

DEPENDENCIES
  access_control!
  activerecord-jdbcmysql-adapter
  jdbc-mysql
  mysql2 (< 0.3.0)
  pry
  pry-doc
  rails (~> 2.3.5)
  sqlite3
