PATH
  remote: ../../
  specs:
    access_control (0.21.4)
      backports
      rails (~> 2.3.5)
      sequel

GEM
  remote: https://rubygems.org/
  specs:
    actionmailer (2.3.18)
      actionpack (= 2.3.18)
    actionpack (2.3.18)
      activesupport (= 2.3.18)
      rack (~> 1.1.0)
    activerecord (2.3.18)
      activesupport (= 2.3.18)
    activerecord-jdbc-adapter (1.3.16)
      activerecord (>= 2.2)
    activerecord-jdbcmysql-adapter (1.3.16)
      activerecord-jdbc-adapter (~> 1.3.16)
      jdbc-mysql (>= 5.1.22)
    activeresource (2.3.18)
      activesupport (= 2.3.18)
    activesupport (2.3.18)
    backports (3.6.4)
    coderay (1.1.0)
    ffi (1.9.10-java)
    hoe (3.13.1)
      rake (>= 0.8, < 11.0)
    iconv (1.0.4)
    jdbc-mysql (5.1.33)
    method_source (0.8.2)
    mysql2 (0.2.24)
    pry (0.10.3)
      coderay (~> 1.1.0)
      method_source (~> 0.8.1)
      slop (~> 3.4)
    pry (0.10.3-java)
      coderay (~> 1.1.0)
      method_source (~> 0.8.1)
      slop (~> 3.4)
      spoon (~> 0.0)
    pry-doc (0.8.0)
      pry (~> 0.9)
      yard (~> 0.8)
    rack (1.1.6)
    rails (2.3.18)
      actionmailer (= 2.3.18)
      actionpack (= 2.3.18)
      activerecord (= 2.3.18)
      activeresource (= 2.3.18)
      activesupport (= 2.3.18)
      rake (>= 0.8.3)
    rake (10.4.2)
    sequel (4.21.0)
    slop (3.6.0)
    spoon (0.0.4)
      ffi
    sqlite3 (1.3.10)
    test-unit (1.2.3)
      hoe (>= 1.5.1)
    yard (0.8.7.6)

PLATFORMS
  java
  ruby

DEPENDENCIES
  access_control!
  activerecord-jdbcmysql-adapter
  iconv
  jdbc-mysql
  mysql2 (< 0.3.0)
  pry
  pry-doc
  rails (~> 2.3.5)
  sqlite3
  test-unit (= 1.2.3)

BUNDLED WITH
   1.11.2
